GEM
  remote: https://rubygems.org/
  specs:
    chunky_png (1.3.8)
    mini_magick (4.8.0)
    multi_json (1.12.1)
    multi_xml (0.6.0)
    steam-condenser (1.3.11)
      multi_json (~> 1.6)
      multi_xml (~> 0.5)

PLATFORMS
  x86-mingw32

DEPENDENCIES
  chunky_png (~> 1.3, >= 1.3.5)
  mini_magick
  steam-condenser

BUNDLED WITH
   1.15.3
